GEM
  remote: https://rubygems.org/
  specs:
    awesome_print (1.2.0)
    faraday (0.8.8)
      multipart-post (~> 1.2.0)
    json (1.8.1)
    multipart-post (1.2.0)
    mysql2 (0.3.14)
    rack (1.6.11)
    rack-protection (1.5.1)
      rack
    rake (10.1.0)
    redis (3.0.6)
    sinatra (1.4.4)
      rack (~> 1.4)
      rack-protection (~> 1.4)
      tilt (~> 1.3, >= 1.3.4)
    terminal-notifier (1.5.1)
    tilt (1.4.1)

PLATFORMS
  ruby

DEPENDENCIES
  awesome_print
  faraday
  json
  mysql2
  rake
  redis
  sinatra
  terminal-notifier
